GEM
  remote: https://rubygems.org/
  specs:
    coderay (1.1.0)
    httpclient (2.7.1)
    method_source (0.8.2)
    pry (0.10.3)
      coderay (~> 1.1.0)
      method_source (~> 0.8.1)
      slop (~> 3.4)
    slop (3.6.0)

PLATFORMS
  ruby

DEPENDENCIES
  httpclient
  pry

BUNDLED WITH
   1.10.4
