GEM
  remote: https://rubygems.org/
  specs:
    coderay (1.1.0)
    curb (0.9.1)
    faraday (0.9.2)
      multipart-post (>= 1.2, < 3)
    httpclient (2.7.1)
    method_source (0.8.2)
    multipart-post (2.0.0)
    pry (0.10.3)
      coderay (~> 1.1.0)
      method_source (~> 0.8.1)
      slop (~> 3.4)
    samwise (0.2.6)
      faraday
      httpclient
    slop (3.6.0)
    table_print (1.5.4)

PLATFORMS
  ruby

DEPENDENCIES
  curb
  pry
  samwise
  table_print

BUNDLED WITH
   1.11.2
